GEM
  remote: https://rubygems.org/
  specs:
    asciidoctor (2.0.10)
    power_assert (1.1.5)
    rake (13.0.0)
    test-unit (3.3.4)
      power_assert

PLATFORMS
  ruby

DEPENDENCIES
  asciidoctor
  rake
  test-unit

BUNDLED WITH
   1.17.2
