GEM
  remote: https://rubygems.org/
  specs:
    asciidoctor (1.5.5)
    power_assert (0.2.7)
    rake (12.0.0)
    test-unit (3.1.7)
      power_assert

PLATFORMS
  ruby

DEPENDENCIES
  asciidoctor
  rake
  test-unit

BUNDLED WITH
   1.13.6
